GEM
  remote: http://rubygems.org/
  specs:
    activesupport (3.2.8)
      i18n (~> 0.6)
      multi_json (~> 1.0)
    hipchat-api (1.0.4)
      httparty
    httparty (0.8.3)
      multi_json (~> 1.0)
      multi_xml
    i18n (0.6.0)
    multi_json (1.3.6)
    multi_xml (0.5.1)
    nokogiri (1.5.5)
    redis (3.0.1)
    tapp (1.4.0)
      thor
    thor (0.15.4)
    www-delicious (0.4.0)

PLATFORMS
  ruby

DEPENDENCIES
  activesupport
  hipchat-api
  nokogiri
  redis
  tapp
  www-delicious
